GEM
  remote: https://rubygems.org/
  specs:
    chipmunk (6.1.3.4)
    diff-lcs (1.2.5)
    gosu (0.10.5)
    gosu_enhanced (0.3.5)
      gosu (~> 0.10)
    opengl (0.9.2)
    rspec (3.4.0)
      rspec-core (~> 3.4.0)
      rspec-expectations (~> 3.4.0)
      rspec-mocks (~> 3.4.0)
    rspec-core (3.4.3)
      rspec-support (~> 3.4.0)
    rspec-expectations (3.4.0)
      diff-lcs (>= 1.2.0, < 2.0)
      rspec-support (~> 3.4.0)
    rspec-mocks (3.4.1)
      diff-lcs (>= 1.2.0, < 2.0)
      rspec-support (~> 3.4.0)
    rspec-support (3.4.1)

PLATFORMS
  ruby

DEPENDENCIES
  chipmunk
  gosu
  gosu_enhanced (~> 0.3.5)
  opengl
  rspec

BUNDLED WITH
   1.11.2
