GEM
  remote: https://rubygems.org/
  specs:
    chipmunk (6.1.3.4)
    coderay (1.1.0)
    diff-lcs (1.2.5)
    gosu (0.10.5)
    gosu_enhanced (0.3.5)
      gosu (~> 0.10)
    method_source (0.8.2)
    opengl (0.9.2)
    pry (0.10.3)
      coderay (~> 1.1.0)
      method_source (~> 0.8.1)
      slop (~> 3.4)
    pry-nav (0.2.4)
      pry (>= 0.9.10, < 0.11.0)
    rspec (3.4.0)
      rspec-core (~> 3.4.0)
      rspec-expectations (~> 3.4.0)
      rspec-mocks (~> 3.4.0)
    rspec-core (3.4.3)
      rspec-support (~> 3.4.0)
    rspec-expectations (3.4.0)
      diff-lcs (>= 1.2.0, < 2.0)
      rspec-support (~> 3.4.0)
    rspec-mocks (3.4.1)
      diff-lcs (>= 1.2.0, < 2.0)
      rspec-support (~> 3.4.0)
    rspec-support (3.4.1)
    slop (3.6.0)

PLATFORMS
  ruby

DEPENDENCIES
  chipmunk
  gosu
  gosu_enhanced (~> 0.3.5)
  opengl
  pry
  pry-nav
  rspec

BUNDLED WITH
   1.11.2
